PATH
  remote: .
  specs:
    spdl_aa_theme (1.0.3)

GEM
  remote: https://rubygems.org/
  specs:
    rake (10.5.0)

PLATFORMS
  ruby

DEPENDENCIES
  bundler (~> 1.7)
  rake (~> 10.0)
  spdl_aa_theme!

BUNDLED WITH
   1.11.2
